GEM
  remote: https://rubygems.org/
  specs:
    amq-protocol (2.0.1)
    bunny (2.3.1)
      amq-protocol (>= 2.0.1)
    power_assert (0.3.0)
    rack (1.6.4)
    rack-protection (1.5.3)
      rack
    sinatra (1.4.7)
      rack (~> 1.5)
      rack-protection (~> 1.4)
      tilt (>= 1.3, < 3)
    test-unit (3.2.0)
      power_assert
    tilt (2.0.5)

PLATFORMS
  ruby

DEPENDENCIES
  bunny (= 2.3.1)
  sinatra
  test-unit

BUNDLED WITH
   1.11.2
